GEM
  remote: http://rubygems.org/
  specs:
    foreman (0.84.0)
      thor (~> 0.19.1)
    graphql (1.8.1)
    mustermann (1.0.2)
    puma (3.11.4)
    rack (2.0.5)
    rack-protection (2.0.2)
      rack
    sinatra (2.0.2)
      mustermann (~> 1.0)
      rack (~> 2.0)
      rack-protection (= 2.0.2)
      tilt (~> 2.0)
    thor (0.19.4)
    tilt (2.0.8)

PLATFORMS
  ruby

DEPENDENCIES
  foreman
  graphql
  puma
  sinatra

BUNDLED WITH
   1.16.2
